GIT
  remote: git://github.com/Empact/spatial_adapter.git
  revision: d64ac1c03c837d6fffddfac1a0dc0818bf10bce6
  specs:
    spatial_adapter (1.2.0)
      GeoRuby (>= 1.3.0)
      activerecord (>= 2.2.2)

GIT
  remote: git://github.com/alno/irwi.git
  revision: df0c21c14b330c6e5aef60e343593d9dcf92f99e
  specs:
    irwi (0.4.2)
      actionpack (>= 3.0.0)
      activerecord (>= 3.0.0)
      activesupport (>= 3.0.0)
      diff-lcs (>= 1.1.2)
      rails_autolink (>= 1.0)

GIT
  remote: git://github.com/dlabare/preferences.git
  revision: 8142b046f7876ed6a5e5325f7c710ef1f8482d26
  specs:
    preferences (0.4.2)

GIT
  remote: git://github.com/dwaite/gdata.git
  revision: fae93bd449d44044dbd0d565946b6ba0e21cb772
  specs:
    gdata (1.1.2)

GIT
  remote: git://github.com/kueda/riparian.git
  revision: a459bfe905d9239c96573506e88140c326133d97
  specs:
    riparian (0.4.0)
      activesupport (> 3.0.0)
      delayed_job
      paperclip
      rails (> 3.0.0)
      rdoc

GIT
  remote: git://github.com/modyo/ym4r_gm.git
  revision: a0399d9a966ceb63a32251f90d389bc1bb689b16
  specs:
    ym4r_gm (0.2.3)
      ym4r

GIT
  remote: git://github.com/samoli/acts_as_taggable_on_steroids.git
  revision: de68035542546645998fb6a806aa55b182c5c037
  specs:
    bborn-acts_as_taggable_on_steroids (2.1)
      rails (>= 3.1.2)

GIT
  remote: git://github.com/tommeier/delayed_paperclip
  revision: c23a537c0c5d7488059b07a036ebfa4f5e52d43e
  branch: fix_312
  specs:
    delayed_paperclip (2.4.5.2)
      paperclip (>= 2.4.5)

GIT
  remote: https://github.com/37signals/mail_view.git
  revision: c8cc1315026ce85973ef56e628ac2e38a7a95563
  specs:
    mail_view (1.0.1)
      tilt

GIT
  remote: https://github.com/kueda/mobile-fu.git
  revision: 0c8b184cbef00c17e47e0c7947575d3b95cdc66d
  specs:
    mobile-fu (1.1.3)
      rack-mobile-detect
      rails

GEM
  remote: http://rubygems.org/
  specs:
    GeoRuby (1.3.4)
    aasm (3.0.15)
    actionmailer (3.2.11)
      actionpack (= 3.2.11)
      mail (~> 2.4.4)
    actionpack (3.2.11)
      activemodel (= 3.2.11)
      activesupport (= 3.2.11)
      builder (~> 3.0.0)
      erubis (~> 2.7.0)
      journey (~> 1.0.4)
      rack (~> 1.4.0)
      rack-cache (~> 1.2)
      rack-test (~> 0.6.1)
      sprockets (~> 2.2.1)
    activemodel (3.2.11)
      activesupport (= 3.2.11)
      builder (~> 3.0.0)
    activerecord (3.2.11)
      activemodel (= 3.2.11)
      activesupport (= 3.2.11)
      arel (~> 3.0.2)
      tzinfo (~> 0.3.29)
    activeresource (3.2.11)
      activemodel (= 3.2.11)
      activesupport (= 3.2.11)
    activesupport (3.2.11)
      i18n (~> 0.6)
      multi_json (~> 1.0)
    addressable (2.3.2)
    airbrake (3.1.6)
      builder
      girl_friday
    ancestry (1.3.0)
      activerecord (>= 2.3.14)
    arel (3.0.2)
    aws-sdk (1.8.0)
      httparty (~> 0.7)
      json (~> 1.4)
      nokogiri (>= 1.4.4)
      uuidtools (~> 2.1)
    bcrypt-ruby (3.0.1)
    bluecloth (2.2.0)
    builder (3.0.4)
    capistrano (2.13.5)
      highline
      net-scp (>= 1.0.0)
      net-sftp (>= 2.0.0)
      net-ssh (>= 2.0.14)
      net-ssh-gateway (>= 1.1.0)
    chronic (0.9.0)
    cocaine (0.4.2)
    cocoon (1.1.1)
    connection_pool (1.0.0)
    daemon-spawn (0.4.2)
    daemons (1.1.9)
    database_cleaner (0.9.1)
    delayed_job (3.0.4)
      activesupport (~> 3.0)
    delayed_job_active_record (0.3.3)
      activerecord (>= 2.1.0, < 4)
      delayed_job (~> 3.0)
    devise (2.2.0.rc)
      bcrypt-ruby (~> 3.0)
      orm_adapter (~> 0.1)
      railties (~> 3.1)
      warden (~> 1.2.1)
    devise-encryptable (0.1.1)
      devise (>= 2.1.0.rc)
    devise_suspendable (0.6.1)
      devise
      rails (>= 3.0.4)
      warden
    diff-lcs (1.1.3)
    dynamic_form (1.1.4)
    erubis (2.7.0)
    exifr (1.1.3)
    faker (1.1.2)
      i18n (~> 0.5)
    faraday (0.8.4)
      multipart-post (~> 1.1)
    flickraw (0.9.8)
    friendly_id (4.0.9)
    geoplanet (0.2.6)
      json (>= 1.1.3)
      rest-client (>= 0.9)
    girl_friday (0.11.2)
      connection_pool (~> 1.0)
      rubinius-actor
    haml (3.1.7)
    hashie (1.2.0)
    highline (1.6.15)
    hike (1.2.1)
    htmlentities (4.3.1)
    httparty (0.9.0)
      multi_json (~> 1.0)
      multi_xml
    httpauth (0.2.0)
    i18n (0.6.1)
    journey (1.0.4)
    json (1.7.7)
    jwt (0.1.5)
      multi_json (>= 1.0)
    koala (1.6.0)
      addressable (~> 2.2)
      faraday (~> 0.8)
      multi_json (~> 1.3)
    machinist (2.0)
    mail (2.4.4)
      i18n (>= 0.4.0)
      mime-types (~> 1.16)
      treetop (~> 1.4.8)
    memcache-client (1.8.5)
    metaclass (0.0.1)
    mime-types (1.19)
    mocha (0.13.1)
      metaclass (~> 0.0.1)
    multi_json (1.5.1)
    multi_xml (0.5.1)
    multipart-post (1.1.5)
    net-scp (1.0.4)
      net-ssh (>= 1.99.1)
    net-sftp (2.0.5)
      net-ssh (>= 2.0.9)
    net-ssh (2.6.2)
    net-ssh-gateway (1.1.0)
      net-ssh (>= 1.99.1)
    nofxx-georuby (1.9.2)
    nokogiri (1.5.6)
    oauth (0.4.7)
    oauth2 (0.8.0)
      faraday (~> 0.8)
      httpauth (~> 0.1)
      jwt (~> 0.1.4)
      multi_json (~> 1.0)
      rack (~> 1.2)
    objectify-xml (0.2.3)
      activesupport
      nokogiri
    omniauth (1.1.1)
      hashie (~> 1.2)
      rack
    omniauth-facebook (1.4.1)
      omniauth-oauth2 (~> 1.1.0)
    omniauth-flickr (0.0.11)
      omniauth-oauth (~> 1.0)
    omniauth-oauth (1.0.1)
      oauth
      omniauth (~> 1.0)
    omniauth-oauth2 (1.1.1)
      oauth2 (~> 0.8.0)
      omniauth (~> 1.0)
    omniauth-openid (1.0.1)
      omniauth (~> 1.0)
      rack-openid (~> 1.3.1)
    omniauth-twitter (0.0.14)
      multi_json (~> 1.3)
      omniauth-oauth (~> 1.0)
    orm_adapter (0.4.0)
    paperclip (3.4.0)
      activemodel (>= 3.0.0)
      activerecord (>= 3.0.0)
      activesupport (>= 3.0.0)
      cocaine (~> 0.4.0)
      mime-types
    pg (0.14.1)
    polyglot (0.3.3)
    rack (1.4.4)
    rack-cache (1.2)
      rack (>= 0.4)
    rack-google_analytics (1.0.2)
      rack
    rack-mobile-detect (0.4.0)
      rack
    rack-openid (1.3.1)
      rack (>= 1.1.0)
      ruby-openid (>= 2.1.8)
    rack-ssl (1.3.3)
      rack
    rack-test (0.6.2)
      rack (>= 1.0)
    rails (3.2.11)
      actionmailer (= 3.2.11)
      actionpack (= 3.2.11)
      activerecord (= 3.2.11)
      activeresource (= 3.2.11)
      activesupport (= 3.2.11)
      bundler (~> 1.0)
      railties (= 3.2.11)
    rails_autolink (1.0.9)
      rails (~> 3.1)
    railties (3.2.11)
      actionpack (= 3.2.11)
      activesupport (= 3.2.11)
      rack-ssl (~> 1.3.2)
      rake (>= 0.8.7)
      rdoc (~> 3.4)
      thor (>= 0.14.6, < 2.0)
    rake (0.8.7)
    rdoc (3.12)
      json (~> 1.4)
    rest-client (1.6.7)
      mime-types (>= 1.16)
    rgeo (0.3.20)
    riddle (1.5.3)
    right_aws (3.0.4)
      right_http_connection (>= 1.2.5)
    right_http_connection (1.3.0)
    rinku (1.7.2)
    rspec-core (2.12.2)
    rspec-expectations (2.12.1)
      diff-lcs (~> 1.1.3)
    rspec-mocks (2.12.1)
    rspec-rails (2.12.1)
      actionpack (>= 3.0)
      activesupport (>= 3.0)
      railties (>= 3.0)
      rspec-core (~> 2.12.0)
      rspec-expectations (~> 2.12.0)
      rspec-mocks (~> 2.12.0)
    rubinius-actor (0.0.2)
      rubinius-core-api
    rubinius-core-api (0.0.1)
    ruby-openid (2.2.2)
    rvm-capistrano (1.2.7)
      capistrano (>= 2.0.0)
    sprockets (2.2.2)
      hike (~> 1.2)
      multi_json (~> 1.0)
      rack (~> 1.0)
      tilt (~> 1.1, != 1.3.0)
    thinking-sphinx (2.0.10)
      activerecord (>= 3.0.3)
      builder (>= 2.1.2)
      riddle (>= 1.5.0)
    thor (0.17.0)
    tilt (1.3.3)
    tlsmail (0.0.1)
    treetop (1.4.12)
      polyglot
      polyglot (>= 0.3.1)
    trollop (2.0)
    ts-delayed-delta (1.1.3)
      delayed_job (>= 2.0.4)
      thinking-sphinx (>= 1.3.6)
    tzinfo (0.3.35)
    uuidtools (2.1.3)
    warden (1.2.1)
      rack (>= 1.0)
    watu_table_builder (0.3.0)
    whenever (0.8.2)
      activesupport (>= 2.3.4)
      chronic (>= 0.6.3)
    will_paginate (3.0.3)
    xmp (0.2.0)
      nokogiri (~> 1.5.0)
    ym4r (0.6.1)

PLATFORMS
  ruby

DEPENDENCIES
  aasm
  addressable
  airbrake
  ancestry
  aws-sdk
  bborn-acts_as_taggable_on_steroids!
  bluecloth
  capistrano
  chronic
  cocoon
  daemon-spawn
  daemons
  database_cleaner
  delayed_job
  delayed_job_active_record
  delayed_paperclip (= 2.4.5.2)!
  devise
  devise-encryptable
  devise_suspendable
  dynamic_form
  exifr
  faker
  flickraw (~> 0.9.8)
  friendly_id (~> 4.0.1)
  gdata!
  geoplanet
  haml
  htmlentities
  irwi!
  json (~> 1.7.7)
  koala
  machinist
  mail_view!
  memcache-client
  mobile-fu!
  mocha
  nofxx-georuby
  nokogiri
  objectify-xml
  omniauth-facebook
  omniauth-flickr
  omniauth-openid
  omniauth-twitter
  paperclip
  pg
  preferences!
  rack-google_analytics
  rails
  rake (= 0.8.7)
  rest-client
  rgeo
  right_aws
  right_http_connection
  rinku
  riparian!
  rspec-rails
  rvm-capistrano
  spatial_adapter!
  thinking-sphinx (= 2.0.10)
  tlsmail
  trollop
  ts-delayed-delta
  watu_table_builder
  whenever
  will_paginate
  xmp
  ym4r_gm!
